GEM
  remote: http://rubygems.org/
  specs:
    actionmailer (3.2.1)
      actionpack (= 3.2.1)
      mail (~> 2.4.0)
    actionpack (3.2.1)
      activemodel (= 3.2.1)
      activesupport (= 3.2.1)
      builder (~> 3.0.0)
      erubis (~> 2.7.0)
      journey (~> 1.0.1)
      rack (~> 1.4.0)
      rack-cache (~> 1.1)
      rack-test (~> 0.6.1)
      sprockets (~> 2.1.2)
    activemodel (3.2.1)
      activesupport (= 3.2.1)
      builder (~> 3.0.0)
    activerecord (3.2.1)
      activemodel (= 3.2.1)
      activesupport (= 3.2.1)
      arel (~> 3.0.0)
      tzinfo (~> 0.3.29)
    activeresource (3.2.1)
      activemodel (= 3.2.1)
      activesupport (= 3.2.1)
    activesupport (3.2.1)
      i18n (~> 0.6)
      multi_json (~> 1.0)
    acts_as_audited (2.0.0)
      rails (>= 3.0.3)
    addressable (2.2.6)
    airbrake (3.0.9)
      activesupport
      builder
    arel (3.0.0)
    backbone-rails (0.5.3.1)
      rails (>= 3.0.0)
    bcrypt-ruby (3.0.1)
    builder (3.0.0)
    cancan (1.6.7)
    capybara (1.1.2)
      mime-types (>= 1.16)
      nokogiri (>= 1.3.3)
      rack (>= 1.0.0)
      rack-test (>= 0.5.4)
      selenium-webdriver (~> 2.0)
      xpath (~> 0.1.4)
    carrierwave (0.5.8)
      activesupport (~> 3.0)
    childprocess (0.3.0)
      ffi (~> 1.0.6)
    cocaine (0.2.1)
    coderay (1.0.5)
    coffee-rails (3.2.2)
      coffee-script (>= 2.2.0)
      railties (~> 3.2.0)
    coffee-script (2.2.0)
      coffee-script-source
      execjs
    coffee-script-source (1.2.0)
    cucumber (1.1.4)
      builder (>= 2.1.2)
      diff-lcs (>= 1.1.2)
      gherkin (~> 2.7.1)
      json (>= 1.4.6)
      term-ansicolor (>= 1.0.6)
    cucumber-rails (1.2.1)
      capybara (>= 1.1.2)
      cucumber (>= 1.1.3)
      nokogiri (>= 1.5.0)
    daemons (1.1.6)
    database_cleaner (0.7.1)
    devise (2.0.0)
      bcrypt-ruby (~> 3.0)
      orm_adapter (~> 0.0.3)
      railties (~> 3.1)
      warden (~> 1.1)
    diff-lcs (1.1.3)
    ejs (1.0.0)
    email_spec (1.2.1)
      mail (~> 2.2)
      rspec (~> 2.0)
    ephemeral_response (0.4.0)
    erubis (2.7.0)
    escape (0.0.4)
    eventmachine (0.12.10)
    excon (0.9.5)
    execjs (1.3.0)
      multi_json (~> 1.0)
    factory_girl (2.5.0)
      activesupport
    faraday (0.7.6)
      addressable (~> 2.2)
      multipart-post (~> 1.1)
      rack (~> 1.1)
    ffi (1.0.11)
    fog (1.1.2)
      builder
      excon (~> 0.9.0)
      formatador (~> 0.2.0)
      mime-types
      multi_json (~> 1.0.3)
      net-scp (~> 1.0.4)
      net-ssh (>= 2.1.3)
      nokogiri (~> 1.5.0)
      ruby-hmac
    formatador (0.2.1)
    geocoder (1.1.0)
    gherkin (2.7.6)
      json (>= 1.4.6)
    guard (1.0.0)
      ffi (>= 0.5.0)
      thor (~> 0.14.6)
    guard-spin (0.1.3)
      guard
      spin
    has_scope (0.5.1)
    hashie (1.2.0)
    heroku (2.19.1)
      launchy (>= 0.3.2)
      rest-client (~> 1.6.1)
      rubyzip
      term-ansicolor (~> 1.0.5)
    hike (1.2.1)
    i18n (0.6.0)
    inherited_resources (1.3.0)
      has_scope (~> 0.5.0)
      responders (~> 0.6.0)
    journey (1.0.1)
    jquery-rails (2.0.0)
      railties (>= 3.2.0.beta, < 5.0)
      thor (~> 0.14)
    json (1.6.5)
    kumade (0.8.2)
      cocaine (>= 0.2.0)
      heroku (~> 2.0)
      rails (>= 2)
      rake (>= 0.8.7)
    launchy (2.0.5)
      addressable (~> 2.2.6)
    mail (2.4.1)
      i18n (>= 0.4.0)
      mime-types (~> 1.16)
      treetop (~> 1.4.8)
    method_source (0.7.0)
    mime-types (1.17.2)
    multi_json (1.0.4)
    multipart-post (1.1.4)
    net-scp (1.0.4)
      net-ssh (>= 1.99.1)
    net-ssh (2.3.0)
    nokogiri (1.5.0)
    oauth2 (0.5.2)
      faraday (~> 0.7)
      multi_json (~> 1.0)
    omniauth (1.0.2)
      hashie (~> 1.2)
      rack
    omniauth-facebook (1.2.0)
      omniauth-oauth2 (~> 1.0.0)
    omniauth-oauth2 (1.0.0)
      oauth2 (~> 0.5.0)
      omniauth (~> 1.0)
    orm_adapter (0.0.6)
    pg (0.12.2)
    pickle (0.4.10)
      cucumber (>= 0.8)
      rake
    polyglot (0.3.3)
    pr_geohash (1.0.0)
    pry (0.9.8)
      coderay (~> 1.0.5)
      method_source (~> 0.7)
      slop (>= 2.4.3, < 3)
    rack (1.4.1)
    rack-cache (1.1)
      rack (>= 0.4)
    rack-ssl (1.3.2)
      rack
    rack-test (0.6.1)
      rack (>= 1.0)
    rails (3.2.1)
      actionmailer (= 3.2.1)
      actionpack (= 3.2.1)
      activerecord (= 3.2.1)
      activeresource (= 3.2.1)
      activesupport (= 3.2.1)
      bundler (~> 1.0)
      railties (= 3.2.1)
    rails-erd (0.4.5)
      activerecord (~> 3.0)
      activesupport (~> 3.0)
      ruby-graphviz (~> 0.9.18)
    rails3-generators (0.17.4)
      railties (>= 3.0.0)
    railties (3.2.1)
      actionpack (= 3.2.1)
      activesupport (= 3.2.1)
      rack-ssl (~> 1.3.2)
      rake (>= 0.8.7)
      rdoc (~> 3.4)
      thor (~> 0.14.6)
    rake (0.9.2.2)
    rdoc (3.12)
      json (~> 1.4)
    responders (0.6.5)
    rest-client (1.6.7)
      mime-types (>= 1.16)
    rmagick (2.13.1)
    rsolr (1.0.6)
      builder (>= 2.1.2)
    rspec (2.8.0)
      rspec-core (~> 2.8.0)
      rspec-expectations (~> 2.8.0)
      rspec-mocks (~> 2.8.0)
    rspec-core (2.8.0)
    rspec-expectations (2.8.0)
      diff-lcs (~> 1.1.2)
    rspec-mocks (2.8.0)
    rspec-rails (2.8.1)
      actionpack (>= 3.0)
      activesupport (>= 3.0)
      railties (>= 3.0)
      rspec (~> 2.8.0)
    ruby-graphviz (0.9.21)
    ruby-hmac (0.4.0)
    rubyzip (0.9.5)
    sass (3.1.12)
    sass-rails (3.2.4)
      railties (~> 3.2.0)
      sass (>= 3.1.10)
      tilt (~> 1.3)
    selenium-webdriver (2.18.0)
      childprocess (>= 0.2.5)
      ffi (~> 1.0.9)
      multi_json (~> 1.0.4)
      rubyzip
    shoulda (3.0.0.beta2)
      shoulda-context (~> 1.0.0.beta1)
      shoulda-matchers (~> 1.0.0.beta1)
    shoulda-context (1.0.0)
    shoulda-matchers (1.0.0)
    slim (1.1.0)
      temple (~> 0.3.5)
      tilt (~> 1.3.2)
    slim-rails (0.2.1)
      slim (>= 0.9.2)
    slop (2.4.3)
    spin (0.4.2)
    spork (0.9.0)
    sprockets (2.1.2)
      hike (~> 1.2)
      rack (~> 1.0)
      tilt (~> 1.1, != 1.3.0)
    state_select (0.1.0)
    sunspot (2.0.0.pre.111215)
      escape (~> 0.0.4)
      pr_geohash (~> 1.0)
      rsolr (~> 1.0.6)
    sunspot_rails (2.0.0.pre.111215)
      nokogiri
      sunspot (= 2.0.0.pre.111215)
    sunspot_solr (2.0.0.pre.111215)
      escape (~> 0.0.4)
    temple (0.3.5)
    term-ansicolor (1.0.7)
    thin (1.3.1)
      daemons (>= 1.0.9)
      eventmachine (>= 0.12.6)
      rack (>= 1.0.0)
    thor (0.14.6)
    tilt (1.3.3)
    timecop (0.3.5)
    treetop (1.4.10)
      polyglot
      polyglot (>= 0.3.1)
    tzinfo (0.3.31)
    uglifier (1.2.2)
      execjs (>= 0.3.0)
      multi_json (>= 1.0.2)
    warden (1.1.0)
      rack (>= 1.0)
    will_paginate (3.0.2)
    xpath (0.1.4)
      nokogiri (~> 1.3)

PLATFORMS
  ruby

DEPENDENCIES
  acts_as_audited (= 2.0.0)
  airbrake
  backbone-rails
  cancan
  capybara (~> 1.1.0)
  carrierwave
  coffee-rails (~> 3.2.1)
  cucumber-rails
  database_cleaner
  devise (~> 2.0.0)
  ejs
  email_spec (~> 1.2.1)
  ephemeral_response
  factory_girl
  fog
  geocoder
  guard-spin
  heroku
  inherited_resources
  jquery-rails
  kumade
  launchy
  omniauth-facebook
  pg
  pickle
  pry
  rails (= 3.2.1)
  rails-erd
  rails3-generators
  rmagick
  rspec-rails (~> 2.8.0)
  sass-rails (~> 3.2.3)
  shoulda (~> 3.0.0.beta2)
  slim-rails
  spin
  spork (~> 0.9.0.rc)
  state_select (~> 0.1.0)
  sunspot_rails (~> 2.0.0.pre)
  sunspot_solr (~> 2.0.0.pre)
  thin
  timecop
  uglifier (>= 1.0.3)
  will_paginate (~> 3.0.0)
